GIT
  remote: https://github.com/ruby-llvm/ruby-llvm
  revision: 38ca78bd763ee25b0c652a47a5c543ac36ce0a0d
  specs:
    ruby-llvm (3.4.0)
      ffi (~> 1.7)
      rake (~> 0.9)

GEM
  remote: https://rubygems.org/
  specs:
    diff-lcs (1.2.5)
    ffi (1.9.3)
    polyglot (0.3.4)
    rake (0.9.6)
    rspec (2.14.1)
      rspec-core (~> 2.14.0)
      rspec-expectations (~> 2.14.0)
      rspec-mocks (~> 2.14.0)
    rspec-core (2.14.8)
    rspec-expectations (2.14.5)
      diff-lcs (>= 1.1.3, < 2.0)
    rspec-mocks (2.14.6)
    treetop (1.5.3)
      polyglot (~> 0.3)

PLATFORMS
  ruby

DEPENDENCIES
  rspec
  ruby-llvm!
  treetop
